PATH
  remote: .
  specs:
    bitclust-core (0.7.0)
      progressbar
      rack
    bitclust-dev (0.7.0)
      bitclust-core (= 0.7.0)
    refe2 (0.7.0)
      bitclust-core (= 0.7.0)

GEM
  remote: http://rubygems.org/
  specs:
    progressbar (0.20.0)
    rack (1.5.2)
    rake (10.0.4)
    rr (1.1.0)
    test-unit (2.5.5)
    test-unit-notify (1.0.1)
      test-unit (>= 2.4.9)
    test-unit-rr (1.0.2)
      rr (>= 1.0.2)
      test-unit (>= 2.5.2)

PLATFORMS
  ruby

DEPENDENCIES
  bitclust-core!
  bitclust-dev!
  progressbar
  rake
  refe2!
  test-unit
  test-unit-notify
  test-unit-rr
